GEM
  remote: https://rubygems.org/
  specs:
    dotenv (2.7.6)
    excon (0.78.1)
    mini_portile2 (2.8.6)
    nokogiri (1.16.5)
      mini_portile2 (~> 2.8.2)
      racc (~> 1.4)
    racc (1.7.3)

PLATFORMS
  ruby

DEPENDENCIES
  dotenv
  excon
  nokogiri

BUNDLED WITH
   2.1.4
