GEM
  remote: https://rubygems.org/
  specs:
    dotenv (3.1.8)
    excon (1.2.8)
      logger
    logger (1.7.0)
    mini_portile2 (2.8.9)
    nokogiri (1.18.9)
      mini_portile2 (~> 2.8.2)
      racc (~> 1.4)
    racc (1.8.1)

PLATFORMS
  ruby

DEPENDENCIES
  dotenv
  excon
  nokogiri

BUNDLED WITH
   2.7.1
